GIT
  remote: git://github.com/vhochstein/active_scaffold.git
  revision: 45451d9636725a9e75c2bb9cad4f5d0edf795fa2
  specs:
    active_scaffold_vho (3.0.17)
      rails (~> 3.0.0)
      render_component_vho
      verification

GEM
  remote: http://rubygems.org/
  specs:
    abstract (1.0.0)
    actionmailer (3.0.5)
      actionpack (= 3.0.5)
      mail (~> 2.2.15)
    actionpack (3.0.5)
      activemodel (= 3.0.5)
      activesupport (= 3.0.5)
      builder (~> 2.1.2)
      erubis (~> 2.6.6)
      i18n (~> 0.4)
      rack (~> 1.2.1)
      rack-mount (~> 0.6.13)
      rack-test (~> 0.5.7)
      tzinfo (~> 0.3.23)
    active_scaffold_batch_vho (3.0.6)
      active_scaffold_vho (> 3.0.13)
    active_scaffold_config_list_vho (3.0.2)
      active_scaffold_vho (~> 3.0)
    active_scaffold_export_vho (3.0.1)
      active_scaffold_vho (~> 3.0)
    active_scaffold_sortable_vho (3.0.1)
      active_scaffold_vho (~> 3.0)
    activemodel (3.0.5)
      activesupport (= 3.0.5)
      builder (~> 2.1.2)
      i18n (~> 0.4)
    activerecord (3.0.5)
      activemodel (= 3.0.5)
      activesupport (= 3.0.5)
      arel (~> 2.0.2)
      tzinfo (~> 0.3.23)
    activeresource (3.0.5)
      activemodel (= 3.0.5)
      activesupport (= 3.0.5)
    activesupport (3.0.5)
    arel (2.0.9)
    builder (2.1.2)
    erubis (2.6.6)
      abstract (>= 1.0.0)
    i18n (0.5.0)
    mail (2.2.15)
      activesupport (>= 2.3.6)
      i18n (>= 0.4.0)
      mime-types (~> 1.16)
      treetop (~> 1.4.8)
    mime-types (1.16)
    polyglot (0.3.1)
    rack (1.2.2)
    rack-mount (0.6.13)
      rack (>= 1.0.0)
    rack-test (0.5.7)
      rack (>= 1.0)
    rails (3.0.5)
      actionmailer (= 3.0.5)
      actionpack (= 3.0.5)
      activerecord (= 3.0.5)
      activeresource (= 3.0.5)
      activesupport (= 3.0.5)
      bundler (~> 1.0)
      railties (= 3.0.5)
    railties (3.0.5)
      actionpack (= 3.0.5)
      activesupport (= 3.0.5)
      rake (>= 0.8.7)
      thor (~> 0.14.4)
    rake (0.8.7)
    recordselect_vho (3.0.3)
      rails (~> 3.0.0)
    render_component_vho (3.0.3)
      railties (~> 3.0.0)
    sqlite3 (1.3.3)
    thor (0.14.6)
    treetop (1.4.9)
      polyglot (>= 0.3.1)
    tzinfo (0.3.25)
    verification (1.0.1)
      actionpack (~> 3.0.0)
      activesupport (~> 3.0.0)

PLATFORMS
  ruby

DEPENDENCIES
  active_scaffold_batch_vho
  active_scaffold_config_list_vho
  active_scaffold_export_vho
  active_scaffold_sortable_vho
  active_scaffold_vho!
  rails (= 3.0.5)
  recordselect_vho
  render_component_vho
  sqlite3
